PATH
  remote: .
  specs:
    ysd_md_attachment (0.2.0)
      data_mapper (= 1.2.0)
      google_drive (= 0.3.1)
      mime-types (= 1.19)
      ysd-persistence
      ysd_core_plugins
      ysd_md_integration

GEM
  remote: https://rubygems.org/
  specs:
    addressable (2.2.8)
    bcrypt-ruby (3.0.1)
    bson (1.8.2)
    data_mapper (1.2.0)
      dm-aggregates (~> 1.2.0)
      dm-constraints (~> 1.2.0)
      dm-core (~> 1.2.0)
      dm-migrations (~> 1.2.0)
      dm-serializer (~> 1.2.0)
      dm-timestamps (~> 1.2.0)
      dm-transactions (~> 1.2.0)
      dm-types (~> 1.2.0)
      dm-validations (~> 1.2.0)
    dm-aggregates (1.2.0)
      dm-core (~> 1.2.0)
    dm-constraints (1.2.0)
      dm-core (~> 1.2.0)
    dm-core (1.2.0)
      addressable (~> 2.2.6)
    dm-migrations (1.2.0)
      dm-core (~> 1.2.0)
    dm-serializer (1.2.2)
      dm-core (~> 1.2.0)
      fastercsv (~> 1.5)
      json (~> 1.6)
      json_pure (~> 1.6)
      multi_json (~> 1.0)
    dm-timestamps (1.2.0)
      dm-core (~> 1.2.0)
    dm-transactions (1.2.0)
      dm-core (~> 1.2.0)
    dm-types (1.2.2)
      bcrypt-ruby (~> 3.0)
      dm-core (~> 1.2.0)
      fastercsv (~> 1.5)
      json (~> 1.6)
      multi_json (~> 1.0)
      stringex (~> 1.4)
      uuidtools (~> 2.1)
    dm-validations (1.2.0)
      dm-core (~> 1.2.0)
    faraday (0.8.5)
      multipart-post (~> 1.1)
    fastercsv (1.5.5)
    google_drive (0.3.1)
      nokogiri (>= 1.4.4, != 1.5.2, != 1.5.1)
      oauth (>= 0.3.6)
      oauth2 (>= 0.5.0)
    httpauth (0.2.0)
    json (1.7.7)
    json_pure (1.7.7)
    jwt (0.1.5)
      multi_json (>= 1.0)
    mime-types (1.19)
    mongo (1.8.2)
      bson (~> 1.8.2)
    multi_json (1.6.1)
    multi_xml (0.5.3)
    multipart-post (1.1.5)
    nokogiri (1.5.6)
    oauth (0.4.7)
    oauth2 (0.9.1)
      faraday (~> 0.8)
      httpauth (~> 0.1)
      jwt (~> 0.1.4)
      multi_json (~> 1.0)
      multi_xml (~> 0.5)
      rack (~> 1.2)
    rack (1.5.2)
    rack-protection (1.3.2)
      rack
    sinatra (1.3.3)
      rack (~> 1.3, >= 1.3.6)
      rack-protection (~> 1.2)
      tilt (~> 1.3, >= 1.3.3)
    stringex (1.5.1)
    tilt (1.3.3)
    uuidtools (2.1.3)
    ysd-persistence (0.2.31)
      mongo
      ysd_md_comparison
      ysd_md_system
    ysd_core_plugins (0.2.11)
      data_mapper (= 1.2.0)
      json
      sinatra (~> 1.3)
      ysd_md_configuration
    ysd_md_comparison (0.2.3)
    ysd_md_configuration (0.2.0)
      data_mapper (= 1.2.0)
    ysd_md_integration (0.2.0)
      data_mapper (= 1.2.0)
    ysd_md_system (0.2.0)

PLATFORMS
  ruby

DEPENDENCIES
  ysd_md_attachment!
